GEM
  remote: https://rubygems.org/
  specs:
    addressable (2.8.1)
      public_suffix (>= 2.0.2, < 6.0)
    coderay (1.1.3)
    concurrent-ruby (1.1.10)
    connection_pool (2.3.0)
    domain_name (0.5.20190701)
      unf (>= 0.0.5, < 1.0.0)
    dot-properties (0.1.4)
      bundler (>= 2.2.33)
    ffi (1.15.5-java)
    ffi-compiler (1.0.1)
      ffi (>= 1.0.0)
      rake
    hashie (5.0.0)
    high_level_browse (1.1.1)
      nokogiri (~> 1.0)
    http (5.0.4)
      addressable (~> 2.8)
      http-cookie (~> 1.0)
      http-form_data (~> 2.2)
      llhttp-ffi (~> 0.4.0)
    http-cookie (1.0.5)
      domain_name (~> 0.5)
    http-form_data (2.3.0)
    httpclient (2.8.3)
    jdbc-mysql (8.0.27)
    library_stdnums (1.6.0)
    llhttp-ffi (0.4.0)
      ffi-compiler (~> 1.0)
      rake (~> 13.0)
    marc (1.2.0)
      rexml
      scrub_rb (>= 1.0.1, < 2)
      unf
    marc-fastxmlwriter (1.1.0)
      marc (~> 1.0)
    marc-marc4j (1.0.0-java)
      marc (~> 1)
    match_map (3.0.0)
    method_source (1.0.0)
    naconormalizer (1.0.1-java)
    nokogiri (1.12.5-java)
      racc (~> 1.4)
    pry (0.14.1-java)
      coderay (~> 1.1)
      method_source (~> 1.0)
      spoon (~> 0.0)
    pry-debugger-jruby (2.1.0-java)
      pry (>= 0.13, < 0.15)
      ruby-debug-base (>= 0.10.4, < 0.12)
    psych (4.0.6-java)
    public_suffix (4.0.7)
    racc (1.6.0-java)
    rack (3.0.0)
    rack-protection (2.2.2)
      rack
    rake (13.0.6)
    redis (5.0.5)
      redis-client (>= 0.9.0)
    redis-client (0.10.0)
      connection_pool
    rexml (3.2.5)
    ruby-debug-base (0.11.0-java)
    scrub_rb (1.0.1)
    sequel (5.61.0)
    sidekiq (6.0.4)
      connection_pool (>= 2.2.2)
      rack (>= 2.0.0)
      rack-protection (>= 2.0.0)
      redis (>= 4.1.0)
    slop (4.9.3)
    spoon (0.0.6)
      ffi
    traject (3.7.0)
      concurrent-ruby (>= 0.8.0)
      dot-properties (>= 0.1.1)
      hashie (>= 3.1, < 6)
      http (>= 3.0, < 6)
      httpclient (~> 2.5)
      marc (~> 1.0)
      marc-fastxmlwriter (~> 1.0)
      nokogiri (~> 1.9)
      slop (~> 4.0)
      yell
    traject-marc4j_reader (1.1.0-java)
      marc (~> 1.0)
      marc-marc4j (~> 1.0)
    unf (0.1.4-java)
    yell (2.2.2)

PLATFORMS
  universal-java-1.8

DEPENDENCIES
  byebug
  high_level_browse (>= 1.1)
  httpclient (~> 2.0)
  jdbc-mysql (~> 8.0)
  library_stdnums (~> 1.0)
  marc-fastxmlwriter (~> 1.0)
  match_map (~> 3.0)
  mysql2
  naconormalizer
  pry
  pry-debugger-jruby
  psych
  rack
  sequel (~> 5.0)
  sidekiq
  traject (~> 3.0)
  traject-marc4j_reader (~> 1.0)
  yell (~> 2.0)

BUNDLED WITH
   2.3.22
