GIT
  remote: https://github.com/mlibrary/alma_rest_client
  revision: 1d41c631573e4585562e06b43df025c2cdac99c6
  tag: 1.1.0
  specs:
    alma_rest_client (1.1.0)
      activesupport (~> 6.0, >= 4.2)
      httparty

GIT
  remote: https://github.com/mlibrary/traject_umich_format
  revision: 583637b1095a11ab2de50b3b03876a46d98378bf
  branch: master
  specs:
    traject_umich_format (0.4.5)

GEM
  remote: https://rubygems.org/
  specs:
    activesupport (6.1.6)
      concurrent-ruby (~> 1.0, >= 1.0.2)
      i18n (>= 1.6, < 2)
      minitest (>= 5.1)
      tzinfo (~> 2.0)
      zeitwerk (~> 2.3)
    addressable (2.8.0)
      public_suffix (>= 2.0.2, < 5.0)
    anyway_config (2.3.0)
      ruby-next-core (>= 0.14.0)
    coderay (1.1.3)
    concurrent-ruby (1.1.10)
    connection_pool (2.2.5)
    crack (0.4.5)
      rexml
    diff-lcs (1.5.0)
    domain_name (0.5.20190701)
      unf (>= 0.0.5, < 1.0.0)
    dot-properties (0.1.4)
      bundler (>= 2.2.33)
    dry-initializer (3.0.4)
    ffi (1.15.5-java)
    ffi-compiler (1.0.1)
      ffi (>= 1.0.0)
      rake
    hashdiff (1.0.1)
    hashie (5.0.0)
    high_level_browse (1.1.0)
      nokogiri (~> 1.0)
    http (5.1.0)
      addressable (~> 2.8)
      http-cookie (~> 1.0)
      http-form_data (~> 2.2)
      llhttp-ffi (~> 0.4.0)
    http-cookie (1.0.5)
      domain_name (~> 0.5)
    http-form_data (2.3.0)
    httparty (0.20.0)
      mime-types (~> 3.0)
      multi_xml (>= 0.5.2)
    httpclient (2.8.3)
    i18n (1.10.0)
      concurrent-ruby (~> 1.0)
    jar-dependencies (0.4.1)
    jdbc-mysql (8.0.27)
    library_stdnums (1.6.0)
    llhttp-ffi (0.4.0)
      ffi-compiler (~> 1.0)
      rake (~> 13.0)
    marc (1.1.1)
      rexml
      scrub_rb (>= 1.0.1, < 2)
      unf
    marc-fastxmlwriter (1.1.0)
      marc (~> 1.0)
    marc-marc4j (1.0.0-java)
      marc (~> 1)
    match_map (3.0.0)
    method_source (1.0.0)
    mime-types (3.4.1)
      mime-types-data (~> 3.2015)
    mime-types-data (3.2022.0105)
    minitest (5.16.0)
    multi_xml (0.6.0)
    naconormalizer (1.0.1-java)
    nokogiri (1.13.6-java)
      racc (~> 1.4)
    prometheus-client (2.1.0)
    pry (0.14.1-java)
      coderay (~> 1.1)
      method_source (~> 1.0)
      spoon (~> 0.0)
    pry-debugger-jruby (2.1.0-java)
      pry (>= 0.13, < 0.15)
      ruby-debug-base (>= 0.10.4, < 0.12)
    psych (4.0.4-java)
      jar-dependencies (>= 0.1.7)
    public_suffix (4.0.7)
    racc (1.6.0-java)
    rack (2.2.3.1)
    rake (13.0.6)
    redis (4.6.0)
    rexml (3.2.5)
    rspec (3.11.0)
      rspec-core (~> 3.11.0)
      rspec-expectations (~> 3.11.0)
      rspec-mocks (~> 3.11.0)
    rspec-core (3.11.0)
      rspec-support (~> 3.11.0)
    rspec-expectations (3.11.0)
      diff-lcs (>= 1.2.0, < 2.0)
      rspec-support (~> 3.11.0)
    rspec-mocks (3.11.1)
      diff-lcs (>= 1.2.0, < 2.0)
      rspec-support (~> 3.11.0)
    rspec-support (3.11.0)
    ruby-debug-base (0.11.0-java)
    ruby-next-core (0.15.1)
    scrub_rb (1.0.1)
    sequel (5.57.0)
    sidekiq (6.5.1)
      connection_pool (>= 2.2.2)
      rack (~> 2.0)
      redis (>= 4.2.0)
    slop (4.9.2)
    spoon (0.0.6)
      ffi
    traject (3.7.0)
      concurrent-ruby (>= 0.8.0)
      dot-properties (>= 0.1.1)
      hashie (>= 3.1, < 6)
      http (>= 3.0, < 6)
      httpclient (~> 2.5)
      marc (~> 1.0)
      marc-fastxmlwriter (~> 1.0)
      nokogiri (~> 1.9)
      slop (~> 4.0)
      yell
    traject-marc4j_reader (1.1.0-java)
      marc (~> 1.0)
      marc-marc4j (~> 1.0)
    tzinfo (2.0.4)
      concurrent-ruby (~> 1.0)
    unf (0.1.4-java)
    webmock (3.14.0)
      addressable (>= 2.8.0)
      crack (>= 0.3.2)
      hashdiff (>= 0.4.0, < 2.0.0)
    yabeda (0.11.0)
      anyway_config (>= 1.0, < 3)
      concurrent-ruby
      dry-initializer
    yabeda-prometheus (0.8.0)
      prometheus-client (>= 0.10, < 3.0)
      rack
      yabeda (~> 0.10)
    yabeda-sidekiq (0.8.1)
      anyway_config (>= 1.3, < 3)
      sidekiq
      yabeda (~> 0.6)
    yell (2.2.2)
    zeitwerk (2.6.0)

GEM
  remote: https://rubygems.pkg.github.com/mlibrary/
  specs:
    sftp (0.2.0)

PLATFORMS
  universal-java-11

DEPENDENCIES
  alma_rest_client!
  bundler (~> 2.0)
  byebug
  high_level_browse (>= 1.1)
  httpclient (~> 2.0)
  jdbc-mysql (~> 8.0)
  library_stdnums (~> 1.0)
  marc-fastxmlwriter (~> 1.0)
  match_map (~> 3.0)
  mysql2
  naconormalizer
  pry
  pry-debugger-jruby
  psych
  rack
  rake (~> 13.0)
  rspec (~> 3.0)
  sequel (~> 5.0)
  sftp!
  sidekiq
  traject (~> 3.0)
  traject-marc4j_reader (~> 1.0)
  traject_umich_format!
  webmock (~> 3.0)
  yabeda-prometheus
  yabeda-sidekiq
  yell (~> 2.0)

BUNDLED WITH
   2.3.13
