GEM
  remote: https://rubygems.org/
  specs:
    connection_pool (2.2.5)
    rack (2.2.3)
    redis (4.6.0)
    sidekiq (6.4.2)
      connection_pool (>= 2.2.2)
      rack (~> 2.0)
      redis (>= 4.2.0)
    webrick (1.7.0)

PLATFORMS
  x86_64-linux

DEPENDENCIES
  sidekiq
  webrick

BUNDLED WITH
   2.3.4
