GIT
  remote: https://github.com/hathitrust/hathifiles_database
  revision: 1c7d056acd8ac34438e46b663c8a0e1aee660825
  branch: main
  specs:
    hathifiles_database (0.1.0)
      date_named_file
      dotenv
      ettin
      hanami-cli
      library_stdnums
      mysql2
      sequel
      sqlite3
      tty-prompt

GEM
  remote: https://rubygems.org/
  specs:
    byebug (11.1.3)
    date_named_file (0.1.1)
    deep_merge (1.2.2)
    dotenv (2.8.1)
    dry-cli (1.0.0)
    dry-files (1.0.1)
    dry-inflector (1.0.0)
    ettin (1.3.0)
      deep_merge
    hanami-cli (2.0.3)
      bundler (~> 2.1)
      dry-cli (~> 1.0, < 2)
      dry-files (~> 1.0, >= 1.0.1, < 2)
      dry-inflector (~> 1.0, < 2)
      rake (~> 13.0)
      zeitwerk (~> 2.6)
    library_stdnums (1.6.0)
    mysql2 (0.5.5)
    pastel (0.8.0)
      tty-color (~> 0.5)
    rake (13.0.6)
    sequel (5.68.0)
    sqlite3 (1.6.3-x86_64-linux)
    tty-color (0.6.0)
    tty-cursor (0.7.1)
    tty-prompt (0.23.1)
      pastel (~> 0.8)
      tty-reader (~> 0.8)
    tty-reader (0.9.0)
      tty-cursor (~> 0.7)
      tty-screen (~> 0.8)
      wisper (~> 2.0)
    tty-screen (0.8.1)
    wisper (2.0.1)
    zeitwerk (2.6.8)

PLATFORMS
  x86_64-linux

DEPENDENCIES
  byebug
  hathifiles_database!

BUNDLED WITH
   2.4.13
